NUGET
  remote: https://www.nuget.org/api/v2
  specs:
    Deedle (1.2.4)
    FSharp.Charting (0.90.13)
    FSharp.Data (2.2.5)
      Zlib.Portable (>= 1.10.0) - framework: portable-net40+sl50+wp80+win80
    Google.DataTable.Net.Wrapper (3.1.2)
    Newtonsoft.Json (8.0.2)
    XPlot.GoogleCharts (1.3.1)
      Google.DataTable.Net.Wrapper
      Newtonsoft.Json
    XPlot.GoogleCharts.Deedle (1.3.1)
      Deedle
      XPlot.GoogleCharts (>= 1.3.1)
    Zlib.Portable (1.11.0) - framework: portable-net40+sl50+wp80+win80
